PATH
  remote: /Users/caius/PizzaPowered/src/scamp
  specs:
    scamp (0.0.1)
      em-http-request (~> 0.3.0)
      eventmachine (~> 0.12.10)
      yajl-ruby (~> 0.8.3)

GEM
  remote: http://rubygems.org/
  specs:
    addressable (2.2.6)
    em-http-request (0.3.0)
      addressable (>= 2.0.0)
      escape_utils
      eventmachine (>= 0.12.9)
    escape_utils (0.2.4)
    eventmachine (0.12.10)
    yajl-ruby (0.8.3)

PLATFORMS
  ruby

DEPENDENCIES
  scamp!
